PATH
  remote: .
  specs:
    shoe (0.6.2)
      rake (~> 0.8.7)

GEM
  remote: http://rubygems.org/
  specs:
    builder (2.1.2)
    cucumber (0.6.4)
      builder (>= 2.1.2)
      diff-lcs (>= 1.1.2)
      json_pure (>= 1.2.0)
      polyglot (>= 0.2.9)
      term-ansicolor (>= 1.0.4)
      treetop (>= 1.4.2)
    diff-lcs (1.1.2)
    hpricot (0.8.2)
    json_pure (1.4.3)
    polyglot (0.3.1)
    rake (0.8.7)
    rdiscount (1.6.3.1)
    redgreen (1.2.2)
    ronn (0.5)
      hpricot (>= 0.8.2)
      rdiscount (>= 1.5.8)
    term-ansicolor (1.0.5)
    treetop (1.4.8)
      polyglot (>= 0.3.1)

PLATFORMS
  ruby

DEPENDENCIES
  bundler (~> 1.0.0)
  cucumber (~> 0.6.4)
  rake (~> 0.8.7)
  redgreen (~> 1.2.2)
  ronn (~> 0.5)
  shoe!
